PATH
  remote: .
  specs:
    reveal.rb (0.1.1)

GEM
  remote: https://rubygems.org/
  specs:

PLATFORMS
  ruby

DEPENDENCIES
  reveal.rb!
