PATH
  remote: .
  specs:
    reveal.rb (0.5.3)

GEM
  remote: https://rubygems.org/
  specs:
    byebug (11.0.1)
    m (1.5.1)
      method_source (>= 0.6.7)
      rake (>= 0.9.2.2)
    method_source (0.9.2)
    rake (12.3.2)

PLATFORMS
  ruby

DEPENDENCIES
  byebug
  m
  reveal.rb!

RUBY VERSION
   ruby 2.5.5p157

BUNDLED WITH
   2.0.2
