PATH
  remote: .
  specs:
    reveal.rb (0.5.0)

GEM
  remote: https://rubygems.org/
  specs:
    byebug (3.4.0)
      columnize (~> 0.8)
      debugger-linecache (~> 1.2)
      slop (~> 3.6)
    columnize (0.8.9)
    debugger-linecache (1.2.0)
    m (1.3.2)
      method_source (>= 0.6.7)
      rake (>= 0.9.2.2)
    method_source (0.8.2)
    rake (0.9.6)
    slop (3.6.0)

PLATFORMS
  ruby

DEPENDENCIES
  byebug
  m
  reveal.rb!

RUBY VERSION
   ruby 2.5.5p157

BUNDLED WITH
   1.17.3
